GEM
  remote: https://rubygems.org/
  specs:
    addressable (2.3.6)
    builder (3.2.2)
    capybara (2.2.1)
      mime-types (>= 1.16)
      nokogiri (>= 1.3.3)
      rack (>= 1.0.0)
      rack-test (>= 0.5.4)
      xpath (~> 2.0)
    childprocess (0.5.3)
      ffi (~> 1.0, >= 1.0.11)
    cliver (0.3.2)
    cucumber (1.3.14)
      builder (>= 2.1.2)
      diff-lcs (>= 1.1.3)
      gherkin (~> 2.12)
      multi_json (>= 1.7.5, < 2.0)
      multi_test (>= 0.1.1)
    cucumber-sinatra (0.5.0)
      templater (>= 1.0.0)
    database_cleaner (1.2.0)
    diff-lcs (1.2.5)
    extlib (0.9.16)
    ffi (1.9.3)
    gherkin (2.12.2)
      multi_json (~> 1.3)
    highline (1.6.21)
    json (1.8.1)
    launchy (2.4.2)
      addressable (~> 2.3)
    mime-types (2.2)
    mini_portile (0.5.3)
    multi_json (1.9.2)
    multi_test (0.1.1)
    nokogiri (1.6.1)
      mini_portile (~> 0.5.0)
    poltergeist (1.5.1)
      capybara (~> 2.1)
      cliver (~> 0.3.1)
      multi_json (~> 1.0)
      websocket-driver (>= 0.2.0)
    rack (1.5.2)
    rack-protection (1.5.2)
      rack
    rack-test (0.6.2)
      rack (>= 1.0)
    rspec (2.14.1)
      rspec-core (~> 2.14.0)
      rspec-expectations (~> 2.14.0)
      rspec-mocks (~> 2.14.0)
    rspec-core (2.14.8)
    rspec-expectations (2.14.5)
      diff-lcs (>= 1.1.3, < 2.0)
    rspec-mocks (2.14.6)
    rubyzip (1.1.4)
    selenium-webdriver (2.42.0)
      childprocess (>= 0.5.0)
      multi_json (~> 1.0)
      rubyzip (~> 1.0)
      websocket (~> 1.0.4)
    shotgun (0.9)
      rack (>= 1.0)
    sinatra (1.4.4)
      rack (~> 1.4)
      rack-protection (~> 1.4)
      tilt (~> 1.3, >= 1.3.4)
    sinatra-cross_origin (0.3.2)
    templater (1.0.0)
      diff-lcs (>= 1.1.2)
      extlib (>= 0.9.5)
      highline (>= 1.4.0)
    tilt (1.4.1)
    websocket (1.0.7)
    websocket-driver (0.3.4)
    xpath (2.0.0)
      nokogiri (~> 1.3)

PLATFORMS
  ruby

DEPENDENCIES
  capybara
  cucumber
  cucumber-sinatra
  database_cleaner
  json
  launchy
  poltergeist
  rspec
  selenium-webdriver
  shotgun
  sinatra
  sinatra-cross_origin (~> 0.3.1)
